GIT
  remote: git://github.com/erikhuda/thor.git
  revision: 09ae06628ab6b20d4abdea6400bcbc2cffcec52a
  specs:
    thor (0.18.1)

GIT
  remote: git://github.com/rails-api/active_model_serializers.git
  revision: 919bb3840107e8176a65d90c0af8ec1e02cef683
  ref: 919bb3840107e8176a65d90c0af8ec1e02cef683
  specs:
    active_model_serializers (0.8.1)
      activemodel (>= 3.2)

GIT
  remote: git://github.com/sporkrb/spork-rails.git
  revision: 0dd45e59d3237b4c8f9efc215b46d9c07072a95e
  specs:
    spork-rails (4.0.0)
      rails (>= 3.0.0, < 5)
      spork (>= 1.0rc0)

GIT
  remote: git://github.com/stevegraham/twilio-rb.git
  revision: 2501ef697a41d4768ae285674d2a9e6491b6e986
  specs:
    twilio-rb (2.3.0)
      activesupport (>= 3.0.0)
      builder (>= 3.1.0)
      crack (~> 0.3.2)
      httparty (>= 0.10.0)
      i18n (~> 0.5)
      jwt (>= 0.1.3)

GIT
  remote: git://github.com/yoolk/tenancy.git
  revision: ba7451f87c97b51cde51b87f48f2dba811ae3bf4
  specs:
    tenancy (0.2.0)
      activerecord (>= 3.2.13)
      request_store (~> 1.0.5)

GEM
  remote: https://rubygems.org/
  specs:
    actionmailer (4.0.1)
      actionpack (= 4.0.1)
      mail (~> 2.5.4)
    actionpack (4.0.1)
      activesupport (= 4.0.1)
      builder (~> 3.1.0)
      erubis (~> 2.7.0)
      rack (~> 1.5.2)
      rack-test (~> 0.6.2)
    active_attr (0.8.2)
      activemodel (>= 3.0.2, < 4.1)
      activesupport (>= 3.0.2, < 4.1)
    activemodel (4.0.1)
      activesupport (= 4.0.1)
      builder (~> 3.1.0)
    activerecord (4.0.1)
      activemodel (= 4.0.1)
      activerecord-deprecated_finders (~> 1.0.2)
      activesupport (= 4.0.1)
      arel (~> 4.0.0)
    activerecord-deprecated_finders (1.0.3)
    activesupport (4.0.1)
      i18n (~> 0.6, >= 0.6.4)
      minitest (~> 4.2)
      multi_json (~> 1.3)
      thread_safe (~> 0.1)
      tzinfo (~> 0.3.37)
    acts-as-taggable-on (2.4.1)
      rails (>= 3, < 5)
    acts_as_list (0.3.0)
      activerecord (>= 3.0)
    addressable (2.3.5)
    airbrake (3.1.14)
      builder
      json
    annotate (2.5.0)
      rake
    api-pagination (1.1.1)
    arel (4.0.1)
    arrayfields (4.9.0)
    atomic (1.1.14)
    avl_tree (1.1.3)
    awesome_print (1.2.0)
    axiom-types (0.0.5)
      descendants_tracker (~> 0.0.1)
      ice_nine (~> 0.9)
    backports (3.3.5)
    bcrypt-ruby (3.1.2)
    better_errors (1.0.1)
      coderay (>= 1.0.0)
      erubis (>= 2.6.6)
    binding_of_caller (0.7.2)
      debug_inspector (>= 0.0.1)
    bluff (0.1.0)
    builder (3.1.4)
    bullet (4.7.1)
      activesupport
      uniform_notifier (>= 1.4.0)
    callsite (0.0.11)
    cane (2.6.1)
      parallel
    capybara (2.1.0)
      mime-types (>= 1.16)
      nokogiri (>= 1.3.3)
      rack (>= 1.0.0)
      rack-test (>= 0.5.4)
      xpath (~> 2.0)
    celluloid (0.15.2)
      timers (~> 1.1.0)
    childprocess (0.3.9)
      ffi (~> 1.0, >= 1.0.11)
    chronic (0.10.2)
    churn (0.0.34)
      chronic (>= 0.2.3)
      hirb
      json_pure
      main
      ruby_parser (~> 3.0)
      sexp_processor (~> 4.1)
    clockwork (0.7.0)
      activesupport
      tzinfo (~> 0.3.35)
    code_analyzer (0.4.3)
      sexp_processor
    code_metrics (0.1.2)
    coderay (1.0.9)
    coercible (0.2.0)
      backports (~> 3.0, >= 3.1.0)
      descendants_tracker (~> 0.0.1)
    colored (1.2)
    connection_pool (1.1.0)
    crack (0.3.2)
    dalli (2.6.4)
    database_cleaner (1.2.0)
    debug_inspector (0.0.2)
    debugger-ruby_core_source (1.2.3)
    descendants_tracker (0.0.3)
    diff-lcs (1.2.4)
    doorkeeper (0.7.3)
      jquery-rails (>= 2.0.2)
      railties (>= 3.1)
    dotenv (0.9.0)
    dotenv-rails (0.9.0)
      dotenv (= 0.9.0)
    email_spec (1.5.0)
      launchy (~> 2.1)
      mail (~> 2.2)
    equalizer (0.0.7)
    erubis (2.7.0)
    factory_girl (4.2.0)
      activesupport (>= 3.0.0)
    factory_girl_rails (4.2.1)
      factory_girl (~> 4.2.0)
      railties (>= 3.0.0)
    faraday (0.8.8)
      multipart-post (~> 1.2.0)
    fattr (2.2.1)
    ffi (1.9.3)
    flay (2.4.0)
      ruby_parser (~> 3.0)
      sexp_processor (~> 4.0)
    flog (4.2.0)
      ruby_parser (~> 3.1, > 3.1.0)
      sexp_processor (~> 4.4)
    foreman (0.63.0)
      dotenv (>= 0.7)
      thor (>= 0.13.6)
    forgery (0.5.0)
    formatador (0.2.4)
    guard (2.2.2)
      formatador (>= 0.2.4)
      listen (~> 2.1)
      lumberjack (~> 1.0)
      pry (>= 0.9.12)
      thor (>= 0.18.1)
    guard-rspec (4.0.3)
      guard (>= 2.1.1)
      rspec (~> 2.14)
    guard-shell (0.5.1)
      guard (>= 1.1.0)
    guard-spork (1.5.1)
      childprocess (>= 0.2.3)
      guard (>= 1.1)
      spork (>= 0.8.4)
    hashr (0.0.22)
    highline (1.6.20)
    hike (1.2.3)
    hirb (0.7.1)
    hitimes (1.2.1)
    httparty (0.12.0)
      json (~> 1.8)
      multi_xml (>= 0.5.2)
    httpauth (0.2.0)
    i18n (0.6.5)
    ice_cube (0.11.1)
    ice_nine (0.10.0)
    jquery-rails (3.0.4)
      railties (>= 3.0, < 5.0)
      thor (>= 0.14, < 2.0)
    json (1.8.1)
    json_pure (1.8.1)
    json_spec (1.1.1)
      multi_json (~> 1.0)
      rspec (~> 2.0)
    jwt (0.1.8)
      multi_json (>= 1.5)
    kaminari (0.14.1)
      actionpack (>= 3.0.0)
      activesupport (>= 3.0.0)
    kgio (2.8.1)
    launchy (2.3.0)
      addressable (~> 2.3)
    libnotify (0.8.2)
      ffi (>= 1.0.11)
    listen (2.2.0)
      celluloid (>= 0.15.2)
      rb-fsevent (>= 0.9.3)
      rb-inotify (>= 0.9)
    log_switch (0.4.0)
    lumberjack (1.0.4)
    mail (2.5.4)
      mime-types (~> 1.16)
      treetop (~> 1.4.8)
    main (5.2.0)
      arrayfields (>= 4.7.4)
      chronic (>= 0.6.2)
      fattr (>= 2.2.0)
      map (>= 5.1.0)
    map (6.5.1)
    meta_request (0.2.8)
      callsite
      rack-contrib
      railties
    method_profiler (2.0.1)
      hirb (>= 0.6.0)
    method_source (0.8.2)
    metric_fu (4.4.4)
      bluff
      cane (~> 2.5, >= 2.5.2)
      churn (~> 0.0.28)
      code_metrics (~> 0.1)
      coderay
      flay (~> 2.1, >= 2.0.1)
      flog (~> 4.1, >= 4.1.1)
      metric_fu-Saikuro (>= 1.1.1.0)
      multi_json
      rails_best_practices (~> 1.14, >= 1.14.3)
      redcard
      reek (~> 1.3, >= 1.3.3)
      roodi (~> 3.1)
    metric_fu-Saikuro (1.1.1.0)
    metriks (0.9.9.5)
      atomic (~> 1.0)
      avl_tree (~> 1.1.2)
      hitimes (~> 1.1)
    mime-types (1.25)
    mini_portile (0.5.2)
    minitest (4.7.5)
    msgpack (0.5.6)
    multi_json (1.8.2)
    multi_mail (0.1.0)
      faraday (~> 0.8.0)
      mail (~> 2.5.3)
      multimap (~> 1.1.2)
      rack (~> 1.4)
    multi_xml (0.5.5)
    multimap (1.1.2)
    multipart-post (1.2.0)
    naught (0.0.2)
    newrelic_rpm (3.6.8.168)
    nokogiri (1.6.0)
      mini_portile (~> 0.5.0)
    oauth2 (0.9.2)
      faraday (~> 0.8)
      httpauth (~> 0.2)
      jwt (~> 0.1.4)
      multi_json (~> 1.0)
      multi_xml (~> 0.5)
      rack (~> 1.2)
    parallel (0.9.0)
    perftools.rb (2.0.1)
    periscope (2.1.0)
    periscope-activerecord (2.1.0)
      activerecord (>= 3, < 5)
      periscope (~> 2.1.0)
    pg (0.17.0)
    polyamorous (0.6.4)
      activerecord (>= 3.0)
    polyglot (0.3.3)
    pry (0.9.12.2)
      coderay (~> 1.0.5)
      method_source (~> 0.8)
      slop (~> 3.4)
    pry-rails (0.3.2)
      pry (>= 0.9.10)
    rack (1.5.2)
    rack-contrib (1.1.0)
      rack (>= 0.9.1)
    rack-protection (1.5.1)
      rack
    rack-test (0.6.2)
      rack (>= 1.0)
    rack-timeout (0.0.4)
    rails (4.0.1)
      actionmailer (= 4.0.1)
      actionpack (= 4.0.1)
      activerecord (= 4.0.1)
      activesupport (= 4.0.1)
      bundler (>= 1.3.0, < 2.0)
      railties (= 4.0.1)
      sprockets-rails (~> 2.0.0)
    rails_best_practices (1.14.4)
      activesupport
      awesome_print
      code_analyzer (>= 0.4.3)
      colored
      erubis
      i18n
      require_all
      ruby-progressbar
    railties (4.0.1)
      actionpack (= 4.0.1)
      activesupport (= 4.0.1)
      rake (>= 0.8.7)
      thor (>= 0.18.1, < 2.0)
    raindrops (0.12.0)
    rake (10.1.0)
    ransack (1.0.0)
      actionpack (>= 3.0)
      activerecord (>= 3.0)
      polyamorous (~> 0.6.0)
    rb-fsevent (0.9.3)
    rb-inotify (0.9.2)
      ffi (>= 0.5.0)
    rblineprof (0.3.2)
      debugger-ruby_core_source (~> 1.2)
    rbtrace (0.4.1)
      ffi (>= 1.0.6)
      msgpack (>= 0.4.3)
      trollop (>= 1.16.2)
    recipient_interceptor (0.1.2)
      mail
    redcard (1.1.0)
    redcarpet (3.0.0)
    redis (3.0.5)
    redis-actionpack (4.0.0)
      actionpack (~> 4)
      redis-rack (~> 1.5.0)
      redis-store (~> 1.1.0)
    redis-activesupport (4.0.0)
      activesupport (~> 4)
      redis-store (~> 1.1.0)
    redis-namespace (1.3.2)
      redis (~> 3.0.4)
    redis-rack (1.5.0)
      rack (~> 1.5)
      redis-store (~> 1.1.0)
    redis-rails (4.0.0)
      redis-actionpack (~> 4)
      redis-activesupport (~> 4)
      redis-store (~> 1.1.0)
    redis-store (1.1.4)
      redis (>= 2.2)
    reek (1.3.4)
      ruby2ruby (~> 2.0.2)
      ruby_parser (~> 3.2)
      sexp_processor
    request_store (1.0.5)
    require_all (1.3.2)
    rest-client (1.6.7)
      mime-types (>= 1.16)
    roodi (3.1.1)
      ruby_parser (~> 3.2, >= 3.2.2)
    rspec (2.14.1)
      rspec-core (~> 2.14.0)
      rspec-expectations (~> 2.14.0)
      rspec-mocks (~> 2.14.0)
    rspec-core (2.14.7)
    rspec-expectations (2.14.3)
      diff-lcs (>= 1.1.3, < 2.0)
    rspec-fire (1.2.0)
      rspec (~> 2.11)
    rspec-instafail (0.2.4)
    rspec-mocks (2.14.4)
    rspec-rails (2.14.0)
      actionpack (>= 3.0)
      activesupport (>= 3.0)
      railties (>= 3.0)
      rspec-core (~> 2.14.0)
      rspec-expectations (~> 2.14.0)
      rspec-mocks (~> 2.14.0)
    rspec-sidekiq (0.5.1)
      rspec (~> 2.0)
      sidekiq (>= 2.4.0)
    rspec_api_test (0.0.1)
      activesupport
      bundler
      rest-client
      rspec (>= 2.0.0)
    ruby-graphviz (1.0.9)
    ruby-prof (0.13.0)
    ruby-progressbar (1.2.0)
    ruby2ruby (2.0.6)
      ruby_parser (~> 3.1)
      sexp_processor (~> 4.0)
    ruby_gntp (0.3.4)
    ruby_parser (3.2.2)
      sexp_processor (~> 4.1)
    sexp_processor (4.4.0)
    sham_rack (1.3.6)
      rack
    shoulda-matchers (2.4.0)
      activesupport (>= 3.0.0)
    sidekiq (2.16.1)
      celluloid (>= 0.15.2)
      connection_pool (>= 1.0.0)
      json
      redis (>= 3.0.4)
      redis-namespace (>= 1.3.1)
    simple_form (3.0.0)
      actionpack (>= 4.0.0, < 4.1)
      activemodel (>= 4.0.0, < 4.1)
    simple_states (1.0.0)
      activesupport
      hashr (~> 0.0.10)
    sinatra (1.4.3)
      rack (~> 1.4)
      rack-protection (~> 1.4)
      tilt (~> 1.3, >= 1.3.4)
    slim (2.0.0)
      temple (~> 0.6.5)
      tilt (~> 1.3, >= 1.3.3)
    slop (3.4.6)
    spork (1.0.0rc4)
    sprockets (2.10.0)
      hike (~> 1.2)
      multi_json (~> 1.0)
      rack (~> 1.0)
      tilt (~> 1.1, != 1.3.0)
    sprockets-rails (2.0.1)
      actionpack (>= 3.0)
      activesupport (>= 3.0)
      sprockets (~> 2.8)
    tailor (1.3.1)
      log_switch (>= 0.3.0)
      term-ansicolor (>= 1.0.5)
      text-table (>= 1.2.2)
    temple (0.6.7)
    term-ansicolor (1.2.2)
      tins (~> 0.8)
    text-table (1.2.3)
    thread_safe (0.1.3)
      atomic
    tilt (1.4.1)
    timecop (0.6.3)
    timers (1.1.0)
    tins (0.12.0)
    treetop (1.4.15)
      polyglot
      polyglot (>= 0.3.1)
    trollop (2.0)
    twilio-ruby (3.11.4)
      builder (>= 2.1.2)
      jwt (>= 0.1.2)
      multi_json (>= 1.3.0)
    twilio-test-toolkit (3.2.1)
      capybara
      uuidtools
    tzinfo (0.3.38)
    unicorn (4.6.3)
      kgio (~> 2.6)
      rack
      raindrops (~> 0.7)
    uniform_notifier (1.4.0)
    uuidtools (2.1.4)
    vcr (2.7.0)
    virtus (1.0.0)
      axiom-types (~> 0.0.5)
      coercible (~> 0.2)
      descendants_tracker (~> 0.0.1)
      equalizer (~> 0.0.7)
    warden (1.2.3)
      rack (>= 1.0)
    webmock (1.15.2)
      addressable (>= 2.2.7)
      crack (>= 0.3.2)
    xpath (2.0.0)
      nokogiri (~> 1.3)
    yard (0.8.7.3)

PLATFORMS
  ruby

DEPENDENCIES
  active_attr (= 0.8.2)
  active_model_serializers!
  acts-as-taggable-on (= 2.4.1)
  acts_as_list (= 0.3.0)
  airbrake (= 3.1.14)
  annotate (= 2.5.0)
  api-pagination (= 1.1.1)
  awesome_print (= 1.2.0)
  bcrypt-ruby
  better_errors (= 1.0.1)
  binding_of_caller (= 0.7.2)
  bullet (= 4.7.1)
  cane (= 2.6.1)
  capybara (= 2.1.0)
  clockwork (= 0.7.0)
  dalli (= 2.6.4)
  database_cleaner (= 1.2.0)
  doorkeeper (= 0.7.3)
  dotenv-rails (= 0.9.0)
  email_spec (= 1.5.0)
  factory_girl_rails (= 4.2.1)
  foreman (= 0.63.0)
  forgery (= 0.5.0)
  guard (= 2.2.2)
  guard-rspec (= 4.0.3)
  guard-shell (= 0.5.1)
  guard-spork (= 1.5.1)
  highline (= 1.6.20)
  ice_cube (= 0.11.1)
  json_spec (= 1.1.1)
  kaminari (= 0.14.1)
  launchy (= 2.3.0)
  libnotify (= 0.8.2)
  meta_request
  method_profiler (= 2.0.1)
  metric_fu
  metriks (= 0.9.9.5)
  multi_mail (= 0.1.0)
  naught
  newrelic_rpm (= 3.6.8.168)
  oauth2 (= 0.9.2)
  perftools.rb (= 2.0.1)
  periscope (= 2.1.0)
  periscope-activerecord (= 2.1.0)
  pg (= 0.17.0)
  pry-rails (= 0.3.2)
  rack-timeout (= 0.0.4)
  rails (= 4.0.1)
  ransack (= 1.0.0)
  rb-fsevent (= 0.9.3)
  rb-inotify (= 0.9.2)
  rblineprof (= 0.3.2)
  rbtrace (= 0.4.1)
  recipient_interceptor (= 0.1.2)
  redcarpet
  redis-rails (= 4.0.0)
  request_store (= 1.0.5)
  rspec-fire (= 1.2.0)
  rspec-instafail (= 0.2.4)
  rspec-rails (= 2.14.0)
  rspec-sidekiq (= 0.5.1)
  rspec_api_test (= 0.0.1)
  ruby-graphviz (= 1.0.9)
  ruby-prof (= 0.13.0)
  ruby_gntp (= 0.3.4)
  sham_rack (= 1.3.6)
  shoulda-matchers (= 2.4.0)
  sidekiq (= 2.16.1.0)
  simple_form
  simple_states
  sinatra (= 1.4.3)
  slim (= 2.0.0)
  spork-rails!
  tailor
  tenancy!
  thor!
  timecop (= 0.6.3)
  twilio-rb (= 2.3.0)!
  twilio-ruby (= 3.11.4)
  twilio-test-toolkit (= 3.2.1)
  unicorn (= 4.6.3)
  vcr (= 2.7.0)
  virtus (= 1.0.0)
  warden (= 1.2.3)
  webmock (= 1.15.2)
  yard
