GIT
  remote: git://github.com/rails-api/active_model_serializers.git
  revision: 919bb3840107e8176a65d90c0af8ec1e02cef683
  specs:
    active_model_serializers (0.8.1)
      activemodel (>= 3.2)

GIT
  remote: git://github.com/sporkrb/spork-rails.git
  revision: 0dd45e59d3237b4c8f9efc215b46d9c07072a95e
  specs:
    spork-rails (4.0.0)
      rails (>= 3.0.0, < 5)
      spork (>= 1.0rc0)

GIT
  remote: git://github.com/stevegraham/twilio-rb.git
  revision: dee56374dc573ccf6d2bbcb0e05ad891b814800a
  specs:
    twilio-rb (2.3.0)
      activesupport (>= 3.0.0)
      builder (>= 3.1.0)
      crack (~> 0.3.2)
      httparty (>= 0.10.0)
      i18n (~> 0.5)
      jwt (>= 0.1.3)

GEM
  remote: https://rubygems.org/
  specs:
    actionmailer (4.0.0)
      actionpack (= 4.0.0)
      mail (~> 2.5.3)
    actionpack (4.0.0)
      activesupport (= 4.0.0)
      builder (~> 3.1.0)
      erubis (~> 2.7.0)
      rack (~> 1.5.2)
      rack-test (~> 0.6.2)
    active_attr (0.8.2)
      activemodel (>= 3.0.2, < 4.1)
      activesupport (>= 3.0.2, < 4.1)
    activemodel (4.0.0)
      activesupport (= 4.0.0)
      builder (~> 3.1.0)
    activerecord (4.0.0)
      activemodel (= 4.0.0)
      activerecord-deprecated_finders (~> 1.0.2)
      activesupport (= 4.0.0)
      arel (~> 4.0.0)
    activerecord-deprecated_finders (1.0.3)
    activesupport (4.0.0)
      i18n (~> 0.6, >= 0.6.4)
      minitest (~> 4.2)
      multi_json (~> 1.3)
      thread_safe (~> 0.1)
      tzinfo (~> 0.3.37)
    acts-as-taggable-on (2.4.1)
      rails (>= 3, < 5)
    acts_as_list (0.3.0)
      activerecord (>= 3.0)
    acts_as_tenant (0.3.1)
      rails (>= 3.1)
      request_store (>= 1.0.5)
    addressable (2.3.5)
    airbrake (3.1.14)
      builder
      json
    annotate (2.5.0)
      rake
    arel (4.0.0)
    atomic (1.1.14)
    avl_tree (1.1.3)
    awesome_print (1.2.0)
    bcrypt-ruby (3.1.2)
    builder (3.1.4)
    bullet (4.6.0)
      uniform_notifier
    capybara (2.1.0)
      mime-types (>= 1.16)
      nokogiri (>= 1.3.3)
      rack (>= 1.0.0)
      rack-test (>= 0.5.4)
      xpath (~> 2.0)
    celluloid (0.15.1)
      timers (~> 1.1.0)
    childprocess (0.3.9)
      ffi (~> 1.0, >= 1.0.11)
    clockwork (0.6.1)
      activesupport
      tzinfo (~> 0.3.35)
    coderay (1.0.9)
    connection_pool (1.1.0)
    crack (0.3.2)
    dalli (2.6.4)
    database_cleaner (1.0.1)
    debugger-ruby_core_source (1.2.3)
    devise (3.0.2)
      bcrypt-ruby (~> 3.0)
      orm_adapter (~> 0.1)
      railties (>= 3.2.6, < 5)
      warden (~> 1.2.3)
    diff-lcs (1.2.4)
    dotenv (0.9.0)
    dotenv-rails (0.9.0)
      dotenv (= 0.9.0)
    email_spec (1.5.0)
      launchy (~> 2.1)
      mail (~> 2.2)
    erubis (2.7.0)
    factory_girl (4.2.0)
      activesupport (>= 3.0.0)
    factory_girl_rails (4.2.1)
      factory_girl (~> 4.2.0)
      railties (>= 3.0.0)
    faraday (0.8.8)
      multipart-post (~> 1.2.0)
    ffi (1.9.0)
    foreman (0.63.0)
      dotenv (>= 0.7)
      thor (>= 0.13.6)
    forgery (0.5.0)
    formatador (0.2.4)
    guard (1.8.3)
      formatador (>= 0.2.4)
      listen (~> 1.3)
      lumberjack (>= 1.0.2)
      pry (>= 0.9.10)
      thor (>= 0.14.6)
    guard-rspec (3.0.2)
      guard (>= 1.8)
      rspec (~> 2.13)
    guard-shell (0.5.1)
      guard (>= 1.1.0)
    guard-spork (1.5.1)
      childprocess (>= 0.2.3)
      guard (>= 1.1)
      spork (>= 0.8.4)
    hike (1.2.3)
    hirb (0.7.1)
    hitimes (1.2.1)
    httparty (0.11.0)
      multi_json (~> 1.0)
      multi_xml (>= 0.5.2)
    i18n (0.6.5)
    ice_cube (0.11.0)
    json (1.8.0)
    json_spec (1.1.1)
      multi_json (~> 1.0)
      rspec (~> 2.0)
    jwt (0.1.8)
      multi_json (>= 1.5)
    kaminari (0.14.1)
      actionpack (>= 3.0.0)
      activesupport (>= 3.0.0)
    kgio (2.8.1)
    launchy (2.3.0)
      addressable (~> 2.3)
    libnotify (0.8.1)
      ffi (>= 1.0.11)
    listen (1.3.1)
      rb-fsevent (>= 0.9.3)
      rb-inotify (>= 0.9)
      rb-kqueue (>= 0.2)
    lumberjack (1.0.4)
    mail (2.5.4)
      mime-types (~> 1.16)
      treetop (~> 1.4.8)
    method_profiler (2.0.1)
      hirb (>= 0.6.0)
    method_source (0.8.2)
    metriks (0.9.9.5)
      atomic (~> 1.0)
      avl_tree (~> 1.1.2)
      hitimes (~> 1.1)
    mime-types (1.25)
    mini_portile (0.5.1)
    minitest (4.7.5)
    msgpack (0.5.6)
    multi_json (1.8.0)
    multi_mail (0.1.0)
      faraday (~> 0.8.0)
      mail (~> 2.5.3)
      multimap (~> 1.1.2)
      rack (~> 1.4)
    multi_xml (0.5.5)
    multimap (1.1.2)
    multipart-post (1.2.0)
    newrelic_rpm (3.6.7.159)
    nokogiri (1.6.0)
      mini_portile (~> 0.5.0)
    orm_adapter (0.4.0)
    perftools.rb (2.0.1)
    pg (0.16.0)
    polyglot (0.3.3)
    pry (0.9.12.2)
      coderay (~> 1.0.5)
      method_source (~> 0.8)
      slop (~> 3.4)
    pry-rails (0.3.2)
      pry (>= 0.9.10)
    rack (1.5.2)
    rack-protection (1.5.0)
      rack
    rack-test (0.6.2)
      rack (>= 1.0)
    rack-timeout (0.0.4)
    rails (4.0.0)
      actionmailer (= 4.0.0)
      actionpack (= 4.0.0)
      activerecord (= 4.0.0)
      activesupport (= 4.0.0)
      bundler (>= 1.3.0, < 2.0)
      railties (= 4.0.0)
      sprockets-rails (~> 2.0.0)
    railties (4.0.0)
      actionpack (= 4.0.0)
      activesupport (= 4.0.0)
      rake (>= 0.8.7)
      thor (>= 0.18.1, < 2.0)
    raindrops (0.12.0)
    rake (10.1.0)
    rb-fsevent (0.9.3)
    rb-inotify (0.9.0)
      ffi (>= 0.5.0)
    rb-kqueue (0.2.0)
      ffi (>= 0.5.0)
    rblineprof (0.3.2)
      debugger-ruby_core_source (~> 1.2)
    rbtrace (0.4.1)
      ffi (>= 1.0.6)
      msgpack (>= 0.4.3)
      trollop (>= 1.16.2)
    recipient_interceptor (0.1.2)
      mail
    redcarpet (3.0.0)
    redis (3.0.4)
    redis-actionpack (4.0.0)
      actionpack (~> 4)
      redis-rack (~> 1.5.0)
      redis-store (~> 1.1.0)
    redis-activesupport (4.0.0)
      activesupport (~> 4)
      redis-store (~> 1.1.0)
    redis-namespace (1.3.1)
      redis (~> 3.0.0)
    redis-rack (1.5.0)
      rack (~> 1.5)
      redis-store (~> 1.1.0)
    redis-rails (4.0.0)
      redis-actionpack (~> 4)
      redis-activesupport (~> 4)
      redis-store (~> 1.1.0)
    redis-store (1.1.4)
      redis (>= 2.2)
    request_store (1.0.5)
    rest-client (1.6.7)
      mime-types (>= 1.16)
    rspec (2.14.1)
      rspec-core (~> 2.14.0)
      rspec-expectations (~> 2.14.0)
      rspec-mocks (~> 2.14.0)
    rspec-core (2.14.5)
    rspec-expectations (2.14.3)
      diff-lcs (>= 1.1.3, < 2.0)
    rspec-instafail (0.2.4)
    rspec-mocks (2.14.3)
    rspec-rails (2.14.0)
      actionpack (>= 3.0)
      activesupport (>= 3.0)
      railties (>= 3.0)
      rspec-core (~> 2.14.0)
      rspec-expectations (~> 2.14.0)
      rspec-mocks (~> 2.14.0)
    rspec-sidekiq (0.4.0)
      rspec (~> 2.0)
      sidekiq (>= 2.4.0)
    rspec_api_blueprint (0.0.6)
      rspec-rails
    rspec_api_test (0.0.1)
      activesupport
      bundler
      rest-client
      rspec (>= 2.0.0)
    ruby-graphviz (1.0.9)
    ruby-prof (0.13.0)
    ruby_gntp (0.3.4)
    sham_rack (1.3.6)
      rack
    shoulda-matchers (2.4.0)
      activesupport (>= 3.0.0)
    sidekiq (2.13.0)
      celluloid (>= 0.14.1)
      connection_pool (>= 1.0.0)
      json
      redis (>= 3.0)
      redis-namespace
    sinatra (1.4.3)
      rack (~> 1.4)
      rack-protection (~> 1.4)
      tilt (~> 1.3, >= 1.3.4)
    slim (2.0.0)
      temple (~> 0.6.5)
      tilt (~> 1.3, >= 1.3.3)
    slop (3.4.6)
    spork (1.0.0rc4)
    sprockets (2.10.0)
      hike (~> 1.2)
      multi_json (~> 1.0)
      rack (~> 1.0)
      tilt (~> 1.1, != 1.3.0)
    sprockets-rails (2.0.0)
      actionpack (>= 3.0)
      activesupport (>= 3.0)
      sprockets (~> 2.8)
    state_machine (1.2.0)
    state_machine_rspec (0.1.2)
      activesupport
      rspec (~> 2.9)
      state_machine (>= 1.1.0)
    temple (0.6.7)
    thor (0.18.1)
    thread_safe (0.1.3)
      atomic
    tilt (1.4.1)
    timecop (0.6.1)
    timers (1.1.0)
    treetop (1.4.15)
      polyglot
      polyglot (>= 0.3.1)
    trollop (2.0)
    twilio-test-toolkit (3.2.1)
      capybara
      uuidtools
    tzinfo (0.3.37)
    unicorn (4.6.3)
      kgio (~> 2.6)
      rack
      raindrops (~> 0.7)
    uniform_notifier (1.3.0)
    uuidtools (2.1.4)
    validates_existence (0.8.0)
    vcr (2.6.0)
    warden (1.2.3)
      rack (>= 1.0)
    webmock (1.13.0)
      addressable (>= 2.2.7)
      crack (>= 0.3.2)
    xpath (2.0.0)
      nokogiri (~> 1.3)
    yard (0.8.7.2)

PLATFORMS
  ruby

DEPENDENCIES
  active_attr (= 0.8.2)
  active_model_serializers!
  acts-as-taggable-on (= 2.4.1)
  acts_as_list (= 0.3.0)
  acts_as_tenant (= 0.3.1)
  airbrake (= 3.1.14)
  annotate (= 2.5.0)
  awesome_print (= 1.2.0)
  bullet (= 4.6.0)
  capybara (= 2.1.0)
  clockwork (= 0.6.1)
  dalli (= 2.6.4)
  database_cleaner (= 1.0.1)
  devise (= 3.0.2)
  dotenv-rails (= 0.9.0)
  email_spec (= 1.5.0)
  factory_girl_rails (= 4.2.1)
  foreman (= 0.63.0)
  forgery (= 0.5.0)
  guard-rspec (= 3.0.2)
  guard-shell (= 0.5.1)
  guard-spork (= 1.5.1)
  ice_cube (= 0.11.0)
  json_spec (= 1.1.1)
  kaminari (= 0.14.1)
  launchy (= 2.3.0)
  libnotify (= 0.8.1)
  method_profiler (= 2.0.1)
  metriks (= 0.9.9.5)
  multi_mail (= 0.1.0)
  newrelic_rpm (= 3.6.7.159)
  perftools.rb (= 2.0.1)
  pg (= 0.16.0)
  pry-rails (= 0.3.2)
  rack-timeout (= 0.0.4)
  rails (= 4.0.0)
  rb-fsevent (= 0.9.3)
  rb-inotify (= 0.9.0)
  rblineprof (= 0.3.2)
  rbtrace (= 0.4.1)
  recipient_interceptor (= 0.1.2)
  redcarpet
  redis-rails (= 4.0.0)
  request_store (= 1.0.5)
  rspec-instafail (= 0.2.4)
  rspec-rails (= 2.14.0)
  rspec-sidekiq (= 0.4.0)
  rspec_api_blueprint
  rspec_api_test (= 0.0.1)
  ruby-graphviz (= 1.0.9)
  ruby-prof (= 0.13.0)
  ruby_gntp (= 0.3.4)
  sham_rack (= 1.3.6)
  shoulda-matchers (= 2.4.0)
  sidekiq (= 2.13.0)
  sinatra (= 1.4.3)
  slim (= 2.0.0)
  spork-rails!
  state_machine (= 1.2.0)
  state_machine_rspec (= 0.1.2)
  timecop (= 0.6.1)
  twilio-rb (= 2.3.0)!
  twilio-test-toolkit (= 3.2.1)
  unicorn (= 4.6.3)
  validates_existence (= 0.8.0)
  vcr (= 2.6.0)
  webmock (= 1.13.0)
  yard
